GEM
  remote: https://rubygems.org/
  specs:
    byebug (3.5.1)
      columnize (~> 0.8)
      debugger-linecache (~> 1.2)
      slop (~> 3.6)
    columnize (0.9.0)
    debugger-linecache (1.2.0)
    mime-types (2.4.3)
    mini_portile (0.6.2)
    netrc (0.10.2)
    nokogiri (1.6.5)
      mini_portile (~> 0.6.0)
    rest-client (1.7.2)
      mime-types (>= 1.16, < 3.0)
      netrc (~> 0.7)
    slop (3.6.0)

PLATFORMS
  ruby

DEPENDENCIES
  byebug
  nokogiri
  rest-client
